GEM
  remote: https://rubygems.org/
  specs:
    capistrano (2.15.5)
      highline
      net-scp (>= 1.0.0)
      net-sftp (>= 2.0.0)
      net-ssh (>= 2.0.14)
      net-ssh-gateway (>= 1.1.0)
    clamp (0.6.3)
    colored (1.2)
    highline (1.6.21)
    net-scp (1.1.2)
      net-ssh (>= 2.6.5)
    net-sftp (2.1.2)
      net-ssh (>= 2.6.5)
    net-ssh (2.8.0)
    net-ssh-gateway (1.2.0)
      net-ssh (>= 2.6.5)
    pulsar (0.3.3)
      bundler (~> 1.2)
      clamp (~> 0.5)
      colored (~> 1.2)
    spinning_cursor (0.3.0)
      highline (~> 1.6.19)

PLATFORMS
  ruby

DEPENDENCIES
  capistrano (~> 2)
  colored
  pulsar
  spinning_cursor
